GEM
  remote: http://rubygems.org/
  specs:
    activesupport (3.0.5)
    daemons (1.1.2)
    eventmachine (0.12.10)
    exceptional (2.0.32)
      rack
    haml (2.2.8)
    json (1.5.1)
    mime-types (1.16)
    rack (1.2.2)
    rdiscount (1.6.8)
    rest-client (1.6.1)
      mime-types (>= 1.16)
    sinatra (1.2.3)
      rack (~> 1.1)
      tilt (< 2.0, >= 1.2.2)
    thin (1.2.11)
      daemons (>= 1.0.9)
      eventmachine (>= 0.12.6)
      rack (>= 1.0.0)
    tilt (1.2.2)

PLATFORMS
  ruby

DEPENDENCIES
  activesupport
  exceptional
  haml
  json
  rack
  rdiscount
  rest-client
  sinatra
  thin
