GEM
  remote: http://rubygems.org/
  specs:
    activesupport (3.0.5)
    backports (2.0.3)
    daemons (1.1.2)
    eventmachine (0.12.10)
    haml (3.0.25)
    i18n (0.5.0)
    json (1.5.1)
    mime-types (1.16)
    monkey-lib (0.5.4)
      backports
    rack (1.2.2)
    rdiscount (1.6.8)
    rest-client (1.6.1)
      mime-types (>= 1.16)
    sinatra (1.2.3)
      rack (~> 1.1)
      tilt (< 2.0, >= 1.2.2)
    sinatra-advanced-routes (0.5.1)
      monkey-lib (~> 0.5.0)
      sinatra (~> 1.0)
      sinatra-sugar (~> 0.5.0)
    sinatra-reloader (0.5.0)
      sinatra (~> 1.0)
      sinatra-advanced-routes (~> 0.5.0)
    sinatra-sugar (0.5.0)
      monkey-lib (~> 0.5.0)
      sinatra (~> 1.0)
    thin (1.2.11)
      daemons (>= 1.0.9)
      eventmachine (>= 0.12.6)
      rack (>= 1.0.0)
    tilt (1.2.2)
    tzinfo (0.3.24)

PLATFORMS
  ruby

DEPENDENCIES
  activesupport
  haml (> 3.0)
  i18n
  json
  rack
  rdiscount
  rest-client
  sinatra
  sinatra-reloader
  thin
  tzinfo
